{
  "AcquisitionMatrixPE": 64,
  "AcquisitionNumber": 1,
  "AcquisitionTime": "20:45:59.485000",
  "BandwidthPerPixelPhaseEncode": 43.403,
  "BaseResolution": 64,
  "CoilString": "T:HEA;HEP",
  "ConversionSoftware": "dcm2niix",
  "ConversionSoftwareVersion": "v1.0.20181125  (JP2:OpenJPEG) GCC9.3.0",
  "DerivedVendorReportedEchoSpacing": 0.000719996,
  "DeviceSerialNumber": "35383",
  "DwellTime": 5e-06,
  "EchoTime": 0.03,
  "EffectiveEchoSpacing": 0.000359998,
  "FlipAngle": 80,
  "ImageOrientationPatientDICOM": [1, -1e-16, 0, 1e-16, 0.995884, -0.0906326],
  "ImageType": [
    "ORIGINAL",
    "PRIMARY",
    "M",
    "ND",
    "NORM",
    "MOSAIC"
],
  "ImagingFrequency": 123.255,
  "InPlanePhaseEncodingDirectionDICOM": "COL",
  "InstitutionAddress": "Rue_Michel-Servet_1_Geneve_0AEC02_District_CH_1211",
  "InstitutionName": "BBL_-_University_of_Geneva",
  "InstitutionalDepartmentName": "Department",
  "MRAcquisitionType": "2D",
  "MagneticFieldStrength": 3,
  "Manufacturer": "Siemens",
  "ManufacturersModelName": "TrioTim",
  "Modality": "MR",
  "ParallelReductionFactorInPlane": 2,
  "PartialFourier": 1,
  "PatientPosition": "HFS",
  "PercentPhaseFOV": 100,
  "PhaseEncodingDirection": "j-",
  "PhaseEncodingSteps": 63,
  "PhaseResolution": 1,
  "PixelBandwidth": 1563,
  "ProcedureStepDescription": "LABNIC_fMRI",
  "ProtocolName": "UB50_TASK2",
  "PulseSequenceDetails": "%SiemensSeq%_ep2d_bold",
  "ReceiveCoilName": "HeadMatrix",
  "ReconMatrixPE": 64,
  "RepetitionTime": 2.1,
  "SAR": 0.15209,
  "ScanOptions": "FS",
  "ScanningSequence": "EP",
  "SequenceName": "_epfid2d1_64",
  "SequenceVariant": "SK",
  "SeriesDescription": "UB50_TASK2",
  "SeriesNumber": 6,
  "ShimSetting": [-13841, 8668, 19516, 567, 351, -255, 12, 51],
  "SliceThickness": 3.2,
  "SliceTiming": [2.05, 1.9925, 1.9325, 1.875, 1.815, 1.7575, 1.6975, 1.64, 1.5825, 1.5225, 1.465, 1.405, 1.3475, 1.2875, 1.23, 1.1725, 1.1125, 1.055, 0.995, 0.9375, 0.88, 0.82, 0.7625, 0.7025, 0.645, 0.585, 0.5275, 0.47, 0.41, 0.3525, 0.2925, 0.235, 0.175, 0.1175, 0.06, 0],
  "SoftwareVersions": "syngo_MR_B17",
  "SpacingBetweenSlices": 3.84,
  "StationName": "MRC35383",
  "TaskName": "game",
  "TotalReadoutTime": 0.0226799,
  "TxRefAmp": 310.636}