{
  "AcquisitionMatrixPE": 64,
  "AcquisitionNumber": 1,
  "AcquisitionTime": "21:22:51.060000",
  "BandwidthPerPixelPhaseEncode": 43.403,
  "BaseResolution": 64,
  "CoilString": "T:HEA;HEP",
  "ConversionSoftware": "dcm2niix",
  "ConversionSoftwareVersion": "v1.0.20181125  (JP2:OpenJPEG) GCC9.3.0",
  "DerivedVendorReportedEchoSpacing": 0.000719996,
  "DeviceSerialNumber": "35383",
  "DwellTime": 5e-06,
  "EchoTime": 0.03,
  "EffectiveEchoSpacing": 0.000359998,
  "FlipAngle": 80,
  "ImageOrientationPatientDICOM": [1, 0, 0, 0, 0.997314, -0.0732382],
  "ImageType": [
    "ORIGINAL",
    "PRIMARY",
    "M",
    "ND",
    "NORM",
    "MOSAIC"
],
  "ImagingFrequency": 123.255,
  "InPlanePhaseEncodingDirectionDICOM": "COL",
  "InstitutionAddress": "Rue_Michel-Servet_1_Geneve_0AEC02_District_CH_1211",
  "InstitutionName": "BBL_-_University_of_Geneva",
  "InstitutionalDepartmentName": "Department",
  "MRAcquisitionType": "2D",
  "MagneticFieldStrength": 3,
  "Manufacturer": "Siemens",
  "ManufacturersModelName": "TrioTim",
  "Modality": "MR",
  "ParallelReductionFactorInPlane": 2,
  "PartialFourier": 1,
  "PatientPosition": "HFS",
  "PercentPhaseFOV": 100,
  "PhaseEncodingDirection": "j-",
  "PhaseEncodingSteps": 63,
  "PhaseResolution": 1,
  "PixelBandwidth": 1563,
  "ProcedureStepDescription": "LABNIC_fMRI",
  "ProtocolName": "UB50_TASK2",
  "PulseSequenceDetails": "%SiemensSeq%_ep2d_bold",
  "ReceiveCoilName": "HeadMatrix",
  "ReconMatrixPE": 64,
  "RepetitionTime": 2.1,
  "SAR": 0.152781,
  "ScanOptions": "FS",
  "ScanningSequence": "EP",
  "SequenceName": "_epfid2d1_64",
  "SequenceVariant": "SK",
  "SeriesDescription": "UB50_TASK2",
  "SeriesNumber": 10,
  "ShimSetting": [-13780, 8653, 19536, 586, 557, -201, 111, 143],
  "SliceThickness": 3.2,
  "SliceTiming": [2.0475, 1.99, 1.9325, 1.8725, 1.815, 1.755, 1.6975, 1.6375, 1.58, 1.5225, 1.4625, 1.405, 1.345, 1.2875, 1.2275, 1.17, 1.1125, 1.0525, 0.995, 0.935, 0.8775, 0.82, 0.76, 0.7025, 0.6425, 0.585, 0.525, 0.4675, 0.41, 0.35, 0.2925, 0.2325, 0.175, 0.115, 0.0575, 0],
  "SoftwareVersions": "syngo_MR_B17",
  "SpacingBetweenSlices": 3.84,
  "StationName": "MRC35383",
  "TaskName": "game",
  "TotalReadoutTime": 0.0226799,
  "TxRefAmp": 309.104}